GIT
  remote: git://github.com/fesplugas/typus.git
  revision: 285241f7e3b6ec1dedde2a8d0c36672809e523b0
  specs:
    typus (1.0.0.pre8)

GIT
  remote: git://github.com/jmettraux/rufus-scheduler.git
  revision: bc207bd9f6f3bd0f5c0ca85ff73621d8baf0c02b
  specs:
    rufus-scheduler (2.0.6)

PATH
  remote: vendor/betabrite
  specs:
    betabrite (1.0.0)

PATH
  remote: vendor/ruby-usb
  specs:
    ruby-usb (1.0.0)

GEM
  remote: http://rubygems.org/
  specs:
    abstract (1.0.0)
    actionmailer (3.0.0)
      actionpack (= 3.0.0)
      mail (~> 2.2.5)
    actionpack (3.0.0)
      activemodel (= 3.0.0)
      activesupport (= 3.0.0)
      builder (~> 2.1.2)
      erubis (~> 2.6.6)
      i18n (~> 0.4.1)
      rack (~> 1.2.1)
      rack-mount (~> 0.6.12)
      rack-test (~> 0.5.4)
      tzinfo (~> 0.3.23)
    activemodel (3.0.0)
      activesupport (= 3.0.0)
      builder (~> 2.1.2)
      i18n (~> 0.4.1)
    activerecord (3.0.0)
      activemodel (= 3.0.0)
      activesupport (= 3.0.0)
      arel (~> 1.0.0)
      tzinfo (~> 0.3.23)
    activeresource (3.0.0)
      activemodel (= 3.0.0)
      activesupport (= 3.0.0)
    activesupport (3.0.0)
    arel (1.0.1)
      activesupport (~> 3.0.0)
    builder (2.1.2)
    cmdparse (2.0.2)
    compass (0.10.5)
      haml (>= 3.0.4)
    daemons (1.1.0)
    delayed_job (2.0.3)
      daemons
    erubis (2.6.6)
      abstract (>= 1.0.0)
    haml (3.0.21)
    highline (1.5.1)
    i18n (0.4.1)
    little-plugger (1.1.2)
    logging (1.4.1)
      little-plugger (>= 1.1.2)
    mail (2.2.6.1)
      activesupport (>= 2.3.6)
      mime-types
      treetop (>= 1.4.5)
    mime-types (1.16)
    pg (0.9.0)
    polyglot (0.3.1)
    rack (1.2.1)
    rack-mount (0.6.13)
      rack (>= 1.0.0)
    rack-test (0.5.4)
      rack (>= 1.0)
    rails (3.0.0)
      actionmailer (= 3.0.0)
      actionpack (= 3.0.0)
      activerecord (= 3.0.0)
      activeresource (= 3.0.0)
      activesupport (= 3.0.0)
      bundler (~> 1.0.0)
      railties (= 3.0.0)
    railties (3.0.0)
      actionpack (= 3.0.0)
      activesupport (= 3.0.0)
      rake (>= 0.8.4)
      thor (~> 0.14.0)
    rake (0.8.7)
    thor (0.14.2)
    toodledo (1.3.2)
      cmdparse
      highline
    treetop (1.4.5)
      polyglot (>= 0.3.1)
    tzinfo (0.3.23)

PLATFORMS
  ruby

DEPENDENCIES
  betabrite!
  compass (>= 0.10.5)
  delayed_job
  haml (>= 3.0.18)
  logging
  pg
  rails (= 3.0.0)
  ruby-usb!
  rufus-scheduler!
  toodledo (>= 1.3.2)
  typus!
